GIT
  remote: https://github.com/gma/nesta.git
  revision: 19d281fadce60b13af336a914a2989dc4a4d4133
  specs:
    nesta (0.9.13)
      RedCloth (~> 4.2)
      haml (~> 3.1)
      rack (~> 1.3)
      rdiscount (~> 1.6)
      sass (~> 3.1)
      sinatra (~> 1.3)

GEM
  remote: http://rubygems.org/
  specs:
    RedCloth (4.2.9)
    capistrano (2.14.2)
      highline
      net-scp (>= 1.0.0)
      net-sftp (>= 2.0.0)
      net-ssh (>= 2.0.14)
      net-ssh-gateway (>= 1.1.0)
    haml (3.1.8)
    highline (1.6.15)
    kgio (2.8.0)
    maruku (0.6.1)
      syntax (>= 1.0.0)
    nesta-plugin-foldable (0.0.4)
      nesta (>= 0.9.13)
    net-scp (1.1.0)
      net-ssh (>= 2.6.5)
    net-sftp (2.1.1)
      net-ssh (>= 2.6.5)
    net-ssh (2.6.6)
    net-ssh-gateway (1.2.0)
      net-ssh (>= 2.6.5)
    rack (1.5.2)
    rack-protection (1.4.0)
      rack
    rack-rewrite (1.0.2)
    raindrops (0.10.0)
    rdiscount (1.6.8)
    rvm-capistrano (1.2.7)
      capistrano (>= 2.0.0)
    sass (3.2.6)
    sinatra (1.3.5)
      rack (~> 1.4)
      rack-protection (~> 1.3)
      tilt (~> 1.3, >= 1.3.3)
    syntax (1.0.0)
    tilt (1.3.4)
    unicorn (4.6.2)
      kgio (~> 2.6)
      rack
      raindrops (~> 0.7)

PLATFORMS
  ruby

DEPENDENCIES
  capistrano
  maruku
  nesta!
  nesta-plugin-foldable
  rack-rewrite (~> 1.0.0)
  rvm-capistrano
  unicorn
